GEM
  remote: https://rubygems.org/
  specs:
    concurrent-ruby (1.1.10)
    cpf_utils (1.3.0)
    faker (2.12.0)
      i18n (>= 1.6, < 2)
    i18n (1.10.0)
      concurrent-ruby (~> 1.0)

PLATFORMS
  x86_64-linux

DEPENDENCIES
  cpf_utils (= 1.3.0)
  faker

BUNDLED WITH
   2.3.11
